PATH
  remote: .
  specs:
    pi-station (0.0.1)
      commander (~> 4.3.5)

GEM
  remote: https://rubygems.org/
  specs:
    commander (4.3.5)
      highline (~> 1.7.2)
    diff-lcs (1.2.5)
    highline (1.7.8)
    rspec (3.4.0)
      rspec-core (~> 3.4.0)
      rspec-expectations (~> 3.4.0)
      rspec-mocks (~> 3.4.0)
    rspec-core (3.4.1)
      rspec-support (~> 3.4.0)
    rspec-expectations (3.4.0)
      diff-lcs (>= 1.2.0, < 2.0)
      rspec-support (~> 3.4.0)
    rspec-mocks (3.4.0)
      diff-lcs (>= 1.2.0, < 2.0)
      rspec-support (~> 3.4.0)
    rspec-support (3.4.1)
    timecop (0.8.0)

PLATFORMS
  ruby

DEPENDENCIES
  pi-station!
  rspec (~> 3.4.0)
  timecop

BUNDLED WITH
   1.10.6
